GEM
  remote: https://rubygems.org/
  specs:
    minitest (5.15.0)
    minitest-rg (5.2.0)
      minitest (~> 5.0)
    rake (13.0.6)

PLATFORMS
  ruby

DEPENDENCIES
  minitest
  minitest-rg
  rake

BUNDLED WITH
   2.0.2
